GEM
  remote: http://rubygems.org/
  specs:
    curb (0.7.12)
    git (1.2.5)
    hashie (1.0.0)
    jeweler (1.5.2)
      bundler (~> 1.0.0)
      git (>= 1.2.5)
      rake
    json (1.4.3)
    mocha (0.9.12)
    rake (0.8.7)
    rcov (0.9.9)

PLATFORMS
  ruby

DEPENDENCIES
  bundler (~> 1.0.0)
  curb (~> 0.7.12)
  hashie (~> 1.0.0)
  jeweler (~> 1.5.2)
  json (~> 1.4.3)
  mocha (~> 0.9.12)
  rcov (>= 0.9.9)
