PATH
  remote: .
  specs:
    zoopla (0.2.0)
      curb (~> 0.7.12)
      hashie (~> 1.0.0)
      json (~> 1.4.3)

GEM
  remote: http://rubygems.org/
  specs:
    curb (0.7.12)
    hashie (1.0.0)
    json (1.4.3)
    mocha (0.9.12)

PLATFORMS
  ruby

DEPENDENCIES
  mocha (~> 0.9.12)
  zoopla!
